GEM
  remote: http://rubygems.org/
  specs:
    addressable (2.3.3)
    catapult (0.0.4)
      coffee-script (~> 2.2.0)
      listen (~> 0.4.2)
      rack (~> 1.4.1)
      sprockets (~> 2.4.3)
      sprockets-commonjs (= 0.0.6.pre)
      stylus (~> 0.6.2)
      thin
      thor (~> 0.15.2)
    coffee-script (2.2.0)
      coffee-script-source
      execjs
    coffee-script-source (1.6.2)
    daemons (1.1.9)
    eventmachine (1.0.3)
    excon (0.20.1)
    execjs (1.4.0)
      multi_json (~> 1.0)
    ffi (1.7.0)
    handlebars_assets (0.12.0)
      execjs (>= 1.2.9)
      sprockets (>= 2.0.3)
      tilt
    heroku (2.37.2)
      heroku-api (~> 0.3.7)
      launchy (>= 0.3.2)
      netrc (~> 0.7.7)
      rest-client (~> 1.6.1)
      rubyzip
    heroku-api (0.3.9)
      excon (~> 0.20.1)
    hike (1.2.2)
    launchy (2.2.0)
      addressable (~> 2.3)
    listen (0.4.7)
      rb-fchange (~> 0.0.5)
      rb-fsevent (~> 0.9.1)
      rb-inotify (~> 0.8.8)
    mime-types (1.22)
    multi_json (1.7.2)
    netrc (0.7.7)
    rack (1.4.5)
    rb-fchange (0.0.6)
      ffi
    rb-fsevent (0.9.3)
    rb-inotify (0.8.8)
      ffi (>= 0.5.0)
    rest-client (1.6.7)
      mime-types (>= 1.16)
    rubyzip (0.9.9)
    sass (3.2.7)
    sprockets (2.4.5)
      hike (~> 1.2)
      multi_json (~> 1.0)
      rack (~> 1.0)
      tilt (~> 1.1, != 1.3.0)
    sprockets-commonjs (0.0.6.pre)
      sprockets (~> 2.4.0)
    stylus (0.6.2)
      execjs
      stylus-source
    stylus-source (0.31.0)
    thin (1.5.1)
      daemons (>= 1.0.9)
      eventmachine (>= 0.12.6)
      rack (>= 1.0.0)
    thor (0.15.4)
    tilt (1.3.7)

PLATFORMS
  ruby

DEPENDENCIES
  catapult
  handlebars_assets
  heroku
  rack
  sass
